GEM
  remote: https://rubygems.org/
  specs:
    bigdecimal (3.1.8)
    csv (3.3.0)
    dotenv (3.1.4)
    httparty (0.22.0)
      csv
      mini_mime (>= 1.0.0)
      multi_xml (>= 0.5.2)
    mini_mime (1.1.5)
    multi_xml (0.7.1)
      bigdecimal (~> 3.1)

PLATFORMS
  ruby

DEPENDENCIES
  dotenv
  httparty

RUBY VERSION
   ruby 3.2.2p53

BUNDLED WITH
   2.3.26
